PATH
  remote: vendor/engines
  specs:
    refinerycms-homepage_slides (1.0)

GEM
  remote: http://rubygems.org/
  specs:
    abstract (1.0.0)
    actionmailer (3.0.10)
      actionpack (= 3.0.10)
      mail (~> 2.2.19)
    actionpack (3.0.10)
      activemodel (= 3.0.10)
      activesupport (= 3.0.10)
      builder (~> 2.1.2)
      erubis (~> 2.6.6)
      i18n (~> 0.5.0)
      rack (~> 1.2.1)
      rack-mount (~> 0.6.14)
      rack-test (~> 0.5.7)
      tzinfo (~> 0.3.23)
    activemodel (3.0.10)
      activesupport (= 3.0.10)
      builder (~> 2.1.2)
      i18n (~> 0.5.0)
    activerecord (3.0.10)
      activemodel (= 3.0.10)
      activesupport (= 3.0.10)
      arel (~> 2.0.10)
      tzinfo (~> 0.3.23)
    activeresource (3.0.10)
      activemodel (= 3.0.10)
      activesupport (= 3.0.10)
    activesupport (3.0.10)
    acts-as-taggable-on (2.1.1)
      rails
    acts_as_indexed (0.7.3)
    addressable (2.2.6)
    arel (2.0.10)
    awesome_nested_set (2.0.2)
      activerecord (>= 3.0.0)
    babosa (0.3.5)
    bcrypt-ruby (3.0.1)
    builder (2.1.2)
    chunky_png (1.2.1)
    compass (0.11.5)
      chunky_png (~> 1.2)
      fssm (>= 0.2.7)
      sass (~> 3.1)
    dalli (1.1.2)
    devise (1.4.5)
      bcrypt-ruby (~> 3.0)
      orm_adapter (~> 0.0.3)
      warden (~> 1.0.3)
    dragonfly (0.9.8)
      rack
    erubis (2.6.6)
      abstract (>= 1.0.0)
    excon (0.6.6)
    filters_spam (0.3)
    fog (0.11.0)
      builder
      excon (~> 0.6.5)
      formatador (~> 0.2.0)
      mime-types
      multi_json (~> 1.0.3)
      net-scp (~> 1.0.4)
      net-ssh (~> 2.1.4)
      nokogiri (~> 1.5.0)
      ruby-hmac
    formatador (0.2.1)
    friendly_id_globalize3 (3.2.1.5)
      babosa (~> 0.3.0)
    fssm (0.2.7)
    globalize3 (0.1.0)
      activemodel (>= 3.0.0)
      activerecord (>= 3.0.0)
    haml (3.1.3)
    heroku (2.7.0)
      launchy (>= 0.3.2)
      rest-client (~> 1.6.1)
      rubyzip
      term-ansicolor (~> 1.0.5)
    hpricot (0.8.4)
    i18n (0.5.0)
    launchy (2.0.5)
      addressable (~> 2.2.6)
    mail (2.2.19)
      activesupport (>= 2.3.6)
      i18n (>= 0.4.0)
      mime-types (~> 1.16)
      treetop (~> 1.4.8)
    mime-types (1.16)
    multi_json (1.0.3)
    net-scp (1.0.4)
      net-ssh (>= 1.99.1)
    net-ssh (2.1.4)
    nokogiri (1.5.0)
    orm_adapter (0.0.5)
    pg (0.11.0)
    polyglot (0.3.2)
    rack (1.2.3)
    rack-cache (1.0.3)
      rack (>= 0.4)
    rack-mount (0.6.14)
      rack (>= 1.0.0)
    rack-test (0.5.7)
      rack (>= 1.0)
    rails (3.0.10)
      actionmailer (= 3.0.10)
      actionpack (= 3.0.10)
      activerecord (= 3.0.10)
      activeresource (= 3.0.10)
      activesupport (= 3.0.10)
      bundler (~> 1.0)
      railties (= 3.0.10)
    railties (3.0.10)
      actionpack (= 3.0.10)
      activesupport (= 3.0.10)
      rake (>= 0.8.7)
      rdoc (~> 3.4)
      thor (~> 0.14.4)
    rake (0.9.2)
    rdoc (3.9.4)
    refinerycms (1.0.8)
      bundler (~> 1.0)
      refinerycms-authentication (= 1.0.8)
      refinerycms-base (= 1.0.8)
      refinerycms-core (= 1.0.8)
      refinerycms-dashboard (= 1.0.8)
      refinerycms-images (= 1.0.8)
      refinerycms-pages (= 1.0.8)
      refinerycms-resources (= 1.0.8)
      refinerycms-settings (= 1.0.8)
    refinerycms-authentication (1.0.8)
      activerecord (~> 3.0.10)
      devise (~> 1.4.3)
      friendly_id_globalize3 (~> 3.2.1)
      refinerycms-core (= 1.0.8)
    refinerycms-base (1.0.8)
    refinerycms-blog (1.6.2)
      acts-as-taggable-on
      filters_spam (~> 0.2)
      refinerycms-core (~> 1.0.3)
      seo_meta (~> 1.1.0)
    refinerycms-core (1.0.8)
      acts_as_indexed (~> 0.7)
      awesome_nested_set (~> 2.0)
      friendly_id_globalize3 (~> 3.2.1)
      globalize3 (~> 0.1)
      rails (~> 3.0.10)
      refinerycms-base (= 1.0.8)
      refinerycms-generators (~> 1.0)
      refinerycms-settings (= 1.0.8)
      truncate_html (~> 0.5)
      will_paginate (~> 3.0.0)
    refinerycms-dashboard (1.0.8)
      refinerycms-core (= 1.0.8)
    refinerycms-generators (1.0.4)
    refinerycms-i18n (1.0.0)
      refinerycms-core (>= 0.9.9.12)
      routing-filter (>= 0.2.3)
    refinerycms-images (1.0.8)
      activerecord (~> 3.0.10)
      dragonfly (~> 0.9.0)
      rack-cache (>= 0.5.3)
      refinerycms-core (= 1.0.8)
    refinerycms-inquiries (1.0.1)
      filters_spam (~> 0.2)
    refinerycms-news (1.2.0)
      refinerycms-core (~> 1.0.0)
    refinerycms-page-images (1.0.4)
      refinerycms-pages (>= 0.9.9.1)
    refinerycms-pages (1.0.8)
      activerecord (~> 3.0.10)
      awesome_nested_set (~> 2.0)
      friendly_id_globalize3 (~> 3.2.1)
      globalize3 (~> 0.1)
      refinerycms-core (= 1.0.8)
      seo_meta (~> 1.1)
    refinerycms-resources (1.0.8)
      activerecord (~> 3.0.10)
      dragonfly (~> 0.9.0)
      rack-cache (>= 0.5.3)
      refinerycms-core (= 1.0.8)
    refinerycms-settings (1.0.8)
      activerecord (~> 3.0.10)
      refinerycms-base (= 1.0.8)
    rest-client (1.6.7)
      mime-types (>= 1.16)
    routing-filter (0.2.4)
      actionpack
    ruby-hmac (0.4.0)
    rubyzip (0.9.4)
    sass (3.1.7)
    seo_meta (1.1.1)
      refinerycms-generators (~> 1.0.1)
    sequel (3.20.0)
    sinatra (1.0)
      rack (>= 1.0)
    sqlite3 (1.3.4)
    sqlite3-ruby (1.3.3)
      sqlite3 (>= 1.3.3)
    taps (0.3.23)
      rack (>= 1.0.1)
      rest-client (< 1.7.0, >= 1.4.0)
      sequel (~> 3.20.0)
      sinatra (~> 1.0.0)
      sqlite3-ruby (~> 1.2)
    term-ansicolor (1.0.6)
    thor (0.14.6)
    treetop (1.4.10)
      polyglot
      polyglot (>= 0.3.1)
    truncate_html (0.5.1)
    tzinfo (0.3.29)
    warden (1.0.5)
      rack (>= 1.0)
    will_paginate (3.0.0)

PLATFORMS
  ruby

DEPENDENCIES
  compass (~> 0.11.5)
  dalli
  fog
  haml
  heroku
  hpricot
  pg
  rails (~> 3.0.10)
  refinerycms (~> 1.0.8)
  refinerycms-blog (~> 1.6)
  refinerycms-homepage_slides (= 1.0)!
  refinerycms-i18n (~> 1.0.0)
  refinerycms-inquiries (~> 1.0)
  refinerycms-news (~> 1.2)
  refinerycms-page-images (~> 1.0.4)
  sqlite3
  taps
